GEM
  remote: https://rubygems.org/
  specs:
    power_assert (1.2.0)
    test-unit (3.3.5)
      power_assert

PLATFORMS
  ruby

DEPENDENCIES
  test-unit (~> 3.3)

BUNDLED WITH
   2.1.4
